PATH
  remote: .
  specs:
    jekyll-lunr-js-search (0.1.1)
      json (~> 1.8)
      nokogiri (~> 1.6)

GEM
  remote: https://rubygems.org/
  specs:
    execjs (2.2.2)
    json (1.8.1)
    mini_portile (0.6.1)
    nokogiri (1.6.4.1)
      mini_portile (~> 0.6.0)
    rake (10.3.2)
    uglifier (2.5.3)
      execjs (>= 0.3.0)
      json (>= 1.8.0)

PLATFORMS
  ruby

DEPENDENCIES
  jekyll-lunr-js-search!
  rake (~> 10.3)
  uglifier (~> 2.5)
